GEM
  remote: http://rubygems.org/
  specs:
    activesupport (6.1.7.5)
      concurrent-ruby (~> 1.0, >= 1.0.2)
      i18n (>= 1.6, < 2)
      minitest (>= 5.1)
      tzinfo (~> 2.0)
      zeitwerk (~> 2.3)
    addressable (2.5.1)
      public_suffix (~> 2.0, >= 2.0.2)
    concurrent-ruby (1.3.3)
    faraday (0.12.1)
      multipart-post (>= 1.2, < 3)
    i18n (1.14.5)
      concurrent-ruby (~> 1.0)
    json (2.3.0)
    jwt (1.5.6)
    minitest (5.24.1)
    multipart-post (2.0.0)
    mustermann (2.0.2)
      ruby2_keywords (~> 0.0.1)
    octokit (4.7.0)
      sawyer (~> 0.8.0, >= 0.5.3)
    public_suffix (2.0.5)
    rack (2.2.9)
    rack-protection (2.2.3)
      rack
    ruby2_keywords (0.0.5)
    sawyer (0.8.1)
      addressable (>= 2.3.5, < 2.6)
      faraday (~> 0.8, < 1.0)
    sinatra (2.2.3)
      mustermann (~> 2.0)
      rack (~> 2.2)
      rack-protection (= 2.2.3)
      tilt (~> 2.0)
    tilt (2.4.0)
    tzinfo (2.0.6)
      concurrent-ruby (~> 1.0)
    zeitwerk (2.6.16)

PLATFORMS
  ruby

DEPENDENCIES
  activesupport (~> 6.1)
  json (~> 2.3)
  jwt
  octokit
  sinatra (~> 2.2.3)

BUNDLED WITH
   1.17.1
