GEM
  remote: https://rubygems.org/
  specs:
    bigdecimal (3.1.8)
    httparty (0.21.0)
      mini_mime (>= 1.0.0)
      multi_xml (>= 0.5.2)
    mini_mime (1.1.5)
    multi_xml (0.7.1)
      bigdecimal (~> 3.1)

PLATFORMS
  ruby

DEPENDENCIES
  httparty

BUNDLED WITH
   1.11.2
